GEM
  remote: https://rubygems.org/
  specs:
    base64 (0.2.0)
    bigdecimal (3.1.8)
    csv (3.3.0)
    dotenv (3.1.4)
    httparty (0.22.0)
      csv
      mini_mime (>= 1.0.0)
      multi_xml (>= 0.5.2)
    mini_mime (1.1.5)
    multi_xml (0.7.1)
      bigdecimal (~> 3.1)
    mustermann (3.0.3)
      ruby2_keywords (~> 0.0.1)

    nio4r (2.7.3)
    puma (6.4.3)
      nio4r (~> 2.0)

    rack (3.1.7)
    rack-protection (4.0.0)
      base64 (>= 0.1.0)
      rack (>= 3.0.0, < 4)
    rack-session (2.0.0)
      rack (>= 3.0.0)
    ruby2_keywords (0.0.5)
    sinatra (4.0.0)
      mustermann (~> 3.0)
      rack (>= 3.0.0, < 4)
      rack-protection (= 4.0.0)
      rack-session (>= 2.0.0, < 3)
      tilt (~> 2.0)

    sinatra-cross_origin (0.4.0)
    tilt (2.4.0)

PLATFORMS
  ruby
  x86_64-linux

    tilt (2.4.0)

PLATFORMS
  arm64-darwin-23
  ruby


DEPENDENCIES
  dotenv
  httparty

  puma
  rack
  sinatra
  sinatra-cross_origin


BUNDLED WITH
   2.5.11
